GIT
  remote: git@github.com:infinitered/rmq.git
  revision: 25b4a967bd237a8678b96c332322a61559c6a329
  specs:
    ruby_motion_query (0.6.0)

GEM
  remote: https://rubygems.org/
  specs:
    activesupport (3.2.17)
      i18n (~> 0.6, >= 0.6.4)
      multi_json (~> 1.0)
    builder (3.2.2)
    cdq (0.1.5)
      motion-yaml
      ruby-xcdm (~> 0.0, >= 0.0.5)
    i18n (0.6.9)
    motion-yaml (1.2)
    multi_json (1.9.0)
    plist (3.1.0)
    ruby-xcdm (0.0.7)
      activesupport (~> 3.2)
      builder (~> 3.2)
      plist (~> 3.1)

PLATFORMS
  ruby

DEPENDENCIES
  cdq
  ruby_motion_query!
